GEM
  remote: https://rubygems.org/
  specs:
    coderay (1.1.0)
    method_source (0.8.2)
    pry (0.10.3)
      coderay (~> 1.1.0)
      method_source (~> 0.8.1)
      slop (~> 3.4)
    rack (2.0.1)
    roda (2.19.0)
      rack
    slop (3.6.0)

PLATFORMS
  ruby

DEPENDENCIES
  pry
  roda

BUNDLED WITH
   1.13.1
